GEM
  remote: https://rubygems.org/
  specs:
    camertron-eprun (1.1.1)
    cldr-plurals-runtime-rb (1.0.1)
    concurrent-ruby (1.1.7)
    daemons (1.2.3)
    dotenv (2.0.2)
    eventmachine (1.0.8)
    httparty (0.13.7)
      json (~> 1.8)
      multi_xml (>= 0.5.2)
    json (1.8.6)
    multi_xml (0.5.5)
    rack (1.6.4)
    rack-protection (1.5.3)
      rack
    sinatra (1.4.6)
      rack (~> 1.4)
      rack-protection (~> 1.4)
      tilt (>= 1.3, < 3)
    thin (1.6.4)
      daemons (~> 1.0, >= 1.0.9)
      eventmachine (~> 1.0, >= 1.0.4)
      rack (~> 1.0)
    tilt (2.0.1)
    twitter_cldr (6.3.0)
      camertron-eprun
      cldr-plurals-runtime-rb (~> 1.0)
      tzinfo
    tzinfo (2.0.2)
      concurrent-ruby (~> 1.0)

PLATFORMS
  ruby

DEPENDENCIES
  dotenv
  httparty
  sinatra
  thin
  twitter_cldr

BUNDLED WITH
   1.10.6
